GEM
  remote: https://rubygems.org/
  specs:
    activesupport (5.2.4.4)
      concurrent-ruby (~> 1.0, >= 1.0.2)
      i18n (>= 0.7, < 2)
      minitest (~> 5.1)
      tzinfo (~> 1.1)
    backports (3.20.1)
    concurrent-ruby (1.1.8)
    diff-lcs (1.4.4)
    graphql (1.12.1)
    hashie (4.1.0)
    i18n (1.8.7)
      concurrent-ruby (~> 1.0)
    minitest (5.14.3)
    multi_json (1.15.0)
    mustermann (1.1.1)
      ruby2_keywords (~> 0.0.1)
    rack (2.2.3)
    rack-contrib (2.3.0)
      rack (~> 2.0)
    rack-protection (2.0.8.1)
      rack
    rack-test (1.1.0)
      rack (>= 1.0, < 3)
    rspec (3.10.0)
      rspec-core (~> 3.10.0)
      rspec-expectations (~> 3.10.0)
      rspec-mocks (~> 3.10.0)
    rspec-core (3.10.1)
      rspec-support (~> 3.10.0)
    rspec-expectations (3.10.1)
      diff-lcs (>= 1.2.0, < 2.0)
      rspec-support (~> 3.10.0)
    rspec-mocks (3.10.1)
      diff-lcs (>= 1.2.0, < 2.0)
      rspec-support (~> 3.10.0)
    rspec-support (3.10.1)
    rubicure (2.0.0)
      activesupport (>= 5.0.0)
      hashie (>= 2.0.5)
      sengiri_yaml (>= 0.0.2)
    ruby2_keywords (0.0.4)
    sengiri_yaml (0.0.3)
    sinatra (2.0.8.1)
      mustermann (~> 1.0)
      rack (~> 2.0)
      rack-protection (= 2.0.8.1)
      tilt (~> 2.0)
    sinatra-contrib (2.0.8.1)
      backports (>= 2.8.2)
      multi_json
      mustermann (~> 1.0)
      rack-protection (= 2.0.8.1)
      sinatra (= 2.0.8.1)
      tilt (~> 2.0)
    slim (4.1.0)
      temple (>= 0.7.6, < 0.9)
      tilt (>= 2.0.6, < 2.1)
    temple (0.8.2)
    thread_safe (0.3.6)
    tilt (2.0.10)
    timecop (0.9.2)
    tzinfo (1.2.9)
      thread_safe (~> 0.1)

PLATFORMS
  ruby

DEPENDENCIES
  activesupport (< 6.0.0)
  graphql (~> 1.9)
  rack-contrib (~> 2.1)
  rack-test (~> 1.1)
  rspec (~> 3.8)
  rubicure (>= 1.2.1)
  sinatra (~> 2.0)
  sinatra-contrib (~> 2.0)
  slim (~> 4.0)
  timecop

BUNDLED WITH
   2.2.4
